GEM
  remote: https://rubygems.org/
  specs:
    rainbow (3.0.0)
    tty-link (0.1.1)

PLATFORMS
  x86_64-linux

DEPENDENCIES
  rainbow
  tty-link

BUNDLED WITH
   2.2.28
