GEM
  remote: https://rubygems.org/
  specs:
    diff-lcs (1.4.4)
    rainbow (3.0.0)
    rspec (3.10.0)
      rspec-core (~> 3.10.0)
      rspec-expectations (~> 3.10.0)
      rspec-mocks (~> 3.10.0)
    rspec-core (3.10.1)
      rspec-support (~> 3.10.0)
    rspec-expectations (3.10.1)
      diff-lcs (>= 1.2.0, < 2.0)
      rspec-support (~> 3.10.0)
    rspec-mocks (3.10.2)
      diff-lcs (>= 1.2.0, < 2.0)
      rspec-support (~> 3.10.0)
    rspec-support (3.10.2)
    tty-link (0.1.1)

PLATFORMS
  x86_64-linux

DEPENDENCIES
  rainbow (~> 3.0)
  rspec (~> 3.10)
  tty-link (~> 0.1.1)

BUNDLED WITH
   2.2.28
